GEM
  remote: https://rubygems.org/
  specs:
    activesupport (4.2.6)
      i18n (~> 0.7)
      json (~> 1.7, >= 1.7.7)
      minitest (~> 5.1)
      thread_safe (~> 0.3, >= 0.3.4)
      tzinfo (~> 1.1)
    colorize (0.7.7)
    commander (4.4.0)
      highline (~> 1.7.2)
    highline (1.7.8)
    i18n (0.7.0)
    json (1.8.3)
    metacrunch (3.0.1)
      activesupport (>= 4.2)
      commander (~> 4.4)
      sequel (~> 4.33)
    minitest (5.9.0)
    sequel (4.34.0)
    sqlite3 (1.3.11)
    thread_safe (0.3.5)
    tzinfo (1.2.2)
      thread_safe (~> 0.1)

PLATFORMS
  ruby

DEPENDENCIES
  colorize (>= 0.7)
  metacrunch (>= 3.0.0)
  sqlite3 (>= 1.3.11)

BUNDLED WITH
   1.12.4
