GEM
  remote: https://rubygems.org/
  specs:
    activesupport (4.2.6)
      i18n (~> 0.7)
      json (~> 1.7, >= 1.7.7)
      minitest (~> 5.1)
      thread_safe (~> 0.3, >= 0.3.4)
      tzinfo (~> 1.1)
    byebug (8.2.5)
    coderay (1.1.1)
    colorize (0.7.7)
    commander (4.4.0)
      highline (~> 1.7.2)
    highline (1.7.8)
    i18n (0.7.0)
    interception (0.5)
    json (1.8.3)
    metacrunch (3.0.0)
      activesupport (~> 4.2)
      commander (~> 4.4)
      sequel (~> 4.33)
    method_source (0.8.2)
    minitest (5.8.4)
    pry (0.10.3)
      coderay (~> 1.1.0)
      method_source (~> 0.8.1)
      slop (~> 3.4)
    pry-byebug (3.3.0)
      byebug (~> 8.0)
      pry (~> 0.10)
    pry-rescue (1.4.2)
      interception (>= 0.5)
      pry
    pry-state (0.1.7)
      pry (>= 0.9.10, < 0.11.0)
    sequel (4.33.0)
    slop (3.6.0)
    sqlite3 (1.3.11)
    thread_safe (0.3.5)
    tzinfo (1.2.2)
      thread_safe (~> 0.1)

PLATFORMS
  ruby

DEPENDENCIES
  colorize (>= 0.7)
  metacrunch (>= 3.0.0)
  pry-byebug (>= 3.3.0)
  pry-rescue (>= 1.4.2)
  pry-state (>= 0.1.7)
  sqlite3 (>= 1.3.11)

BUNDLED WITH
   1.11.2
